GEM
  remote: http://rubygems.org/
  specs:
    actionmailer (2.1.1)
      actionpack (= 2.1.1)
    actionpack (2.1.1)
      activesupport (= 2.1.1)
    activerecord (2.1.1)
      activesupport (= 2.1.1)
    activeresource (2.1.1)
      activesupport (= 2.1.1)
    activesupport (2.1.1)
    haml (3.1.3)
    mysql (2.8.1)
    rack (1.0.1)
    rails (2.1.1)
      actionmailer (= 2.1.1)
      actionpack (= 2.1.1)
      activerecord (= 2.1.1)
      activeresource (= 2.1.1)
      activesupport (= 2.1.1)
      rake (>= 0.8.1)
    rake (0.9.2.2)
    unicorn (1.1.2)
      rack

PLATFORMS
  ruby

DEPENDENCIES
  haml (= 3.1.3)
  mysql (= 2.8.1)
  rack (= 1.0.1)
  rails (= 2.1.1)
  unicorn (= 1.1.2)
